GEM
  remote: https://rubygems.org/
  specs:
    alexa_rubykit (1.1.0)
      bundler (~> 1.7)
      rake (~> 10.0)
    alexa_verifier (0.1.0)
    ansi (1.5.0)
    ast (2.3.0)
    oga (2.7)
      ast
      ruby-ll (~> 2.1)
    rack (1.6.4)
    rack-protection (1.5.3)
      rack
    rake (10.5.0)
    ruby-ll (2.1.2)
      ansi
      ast
    shotgun (0.9.2)
      rack (>= 1.0)
    sinatra (1.4.7)
      rack (~> 1.5)
      rack-protection (~> 1.4)
      tilt (>= 1.3, < 3)
    tilt (2.0.5)

PLATFORMS
  ruby

DEPENDENCIES
  alexa_rubykit
  alexa_verifier
  oga
  shotgun
  sinatra

BUNDLED WITH
   1.13.6
