GEM
  remote: https://rubygems.org/
  specs:
    alexa_rubykit (1.1.0)
      bundler (~> 1.7)
      rake (~> 10.0)
    alexa_verifier (0.1.0)
    ansi (1.5.0)
    ast (2.3.0)
    mustermann (1.1.1)
      ruby2_keywords (~> 0.0.1)
    oga (2.7)
      ast
      ruby-ll (~> 2.1)
    rack (2.2.3)
    rack-protection (2.2.0)
      rack
    rake (10.5.0)
    ruby-ll (2.1.2)
      ansi
      ast
    ruby2_keywords (0.0.5)
    shotgun (0.9.2)
      rack (>= 1.0)
    sinatra (2.2.0)
      mustermann (~> 1.0)
      rack (~> 2.2)
      rack-protection (= 2.2.0)
      tilt (~> 2.0)
    tilt (2.0.10)

PLATFORMS
  ruby

DEPENDENCIES
  alexa_rubykit
  alexa_verifier
  oga
  shotgun
  sinatra

BUNDLED WITH
   1.13.6
