GEM
  remote: https://rubygems.org/
  specs:
    alexa_rubykit (1.1.0)
      bundler (~> 1.7)
      rake (~> 10.0)
    rack (1.6.4)
    rack-protection (1.5.3)
      rack
    rake (10.5.0)
    shotgun (0.9.2)
      rack (>= 1.0)
    sinatra (1.4.7)
      rack (~> 1.5)
      rack-protection (~> 1.4)
      tilt (>= 1.3, < 3)
    tilt (2.0.5)

PLATFORMS
  ruby

DEPENDENCIES
  alexa_rubykit
  shotgun
  sinatra

BUNDLED WITH
   1.13.6
